GEM
  remote: https://rubygems.org/
  specs:
    colsole (0.5.0)
    docopt (0.6.0)
    runfile (0.10.0)
      colsole (~> 0.5)
      docopt (~> 0.5)

PLATFORMS
  ruby

DEPENDENCIES
  runfile

BUNDLED WITH
   1.15.1
